GEM
  remote: https://rubygems.org/
  specs:
    fui (0.5.0)
      gli
    gli (2.22.0)
    rouge (3.28.0)
    xcpretty (0.4.0)
      rouge (~> 3.28.0)

PLATFORMS
  aarch64-linux-gnu
  aarch64-linux-musl
  arm-linux-gnu
  arm-linux-musl
  arm64-darwin
  ruby
  x86-linux-gnu
  x86-linux-musl
  x86_64-darwin
  x86_64-linux-gnu
  x86_64-linux-musl

DEPENDENCIES
  fui (= 0.5.0)
  xcpretty (= 0.4.0)

BUNDLED WITH
   2.5.7
